PATH
  remote: .
  specs:
    factorise (0.4.0)

GEM
  remote: https://rubygems.org/
  specs:
    rake (10.5.0)

PLATFORMS
  ruby

DEPENDENCIES
  bundler (~> 1.16)
  factorise!
  rake (~> 10.0)

BUNDLED WITH
   1.16.0
